NUGET
  remote: https://www.nuget.org/api/v2
  specs:
    FSharp.Control.AsyncSeq (2.0.3)
    FSharp.Core (4.0.0.1)
    FSharpx.Async (1.12.0)
      FSharp.Control.AsyncSeq
    FSharpx.Collections (1.13.4)
      FSharp.Core (>= 3.0.0)
    FSharpx.Extras (1.10.3)
      FSharpx.Async (>= 1.12)
      FSharpx.Collections (>= 1.10.1)
    FsPickler (1.7.0)
    FsPickler.Json (1.7.0)
      FsPickler (1.7.0)
      Newtonsoft.Json (>= 6.0.5)
    FsUnit (1.4.1)
      FSharp.Core (>= 3.1.2.5)
      NUnit (2.6.4)
    Newtonsoft.Json (8.0.1)
    Npgsql (3.0.4)
    NUnit (2.6.4)
    System.Data.SQLite.Core (1.0.99)
